GEM
  remote: https://rubygems.org/
  specs:
    addressable (2.3.7)
    crass (1.0.5)
    faraday (0.9.1)
      multipart-post (>= 1.2, < 3)
    mini_portile2 (2.6.1)
    multipart-post (2.0.0)
    nokogiri (1.12.5)
      mini_portile2 (~> 2.6.1)
      racc (~> 1.4)
    nokogumbo (1.5.0)
      nokogiri
    octokit (3.8.0)
      sawyer (~> 0.6.0, >= 0.5.3)
    racc (1.5.2)
    rake (12.3.3)
    sanitize (4.6.3)
      crass (~> 1.0.2)
      nokogiri (>= 1.4.4)
      nokogumbo (~> 1.4)
    sawyer (0.6.0)
      addressable (~> 2.3.5)
      faraday (~> 0.8, < 0.10)

PLATFORMS
  ruby

DEPENDENCIES
  octokit
  rake
  sanitize
